PATH
  remote: .
  specs:
    omniauth-artsy (0.0.3)
      omniauth-oauth2 (>= 1.0.2)

GEM
  remote: http://rubygems.org/
  specs:
    faraday (0.8.7)
      multipart-post (~> 1.1)
    hashie (2.0.5)
    httpauth (0.2.0)
    jwt (0.1.8)
      multi_json (>= 1.5)
    metaclass (0.0.1)
    minitest (5.0.3)
    mocha (0.14.0)
      metaclass (~> 0.0.1)
    multi_json (1.7.6)
    multipart-post (1.2.0)
    oauth2 (0.8.1)
      faraday (~> 0.8)
      httpauth (~> 0.1)
      jwt (~> 0.1.4)
      multi_json (~> 1.0)
      rack (~> 1.2)
    omniauth (1.1.4)
      hashie (>= 1.2, < 3)
      rack
    omniauth-oauth2 (1.1.1)
      oauth2 (~> 0.8.0)
      omniauth (~> 1.0)
    rack (1.5.2)
    rake (10.0.4)

PLATFORMS
  ruby

DEPENDENCIES
  minitest
  mocha
  omniauth-artsy!
  rake
